GEM
  remote: http://rubygems.org/
  specs:
    aws_cf_signer (0.1.3)
    bson (1.11.1)
    bson_ext (1.11.1)
      bson (~> 1.11.1)
    celluloid (0.16.0)
      timers (~> 4.0.0)
    cloudinary (1.0.81)
      aws_cf_signer
      rest-client
    ffi (1.9.6)
    hitimes (1.2.2)
    json (1.8.2)
    listen (2.8.5)
      celluloid (>= 0.15.2)
      rb-fsevent (>= 0.9.3)
      rb-inotify (>= 0.9)
    mime-types (2.4.3)
    mongo (1.11.1)
      bson (= 1.11.1)
    netrc (0.10.2)
    rack (1.6.0)
    rack-protection (1.5.3)
      rack
    rb-fsevent (0.9.4)
    rb-inotify (0.9.5)
      ffi (>= 0.5.0)
    rerun (0.10.0)
      listen (~> 2.7, >= 2.7.3)
    rest-client (1.7.2)
      mime-types (>= 1.16, < 3.0)
      netrc (~> 0.7)
    sinatra (1.4.5)
      rack (~> 1.4)
      rack-protection (~> 1.4)
      tilt (~> 1.3, >= 1.3.4)
    tilt (1.4.1)
    timers (4.0.1)
      hitimes

PLATFORMS
  ruby

DEPENDENCIES
  bson_ext
  cloudinary
  json
  mongo
  rerun
  sinatra
